GEM
  remote: http://rubygems.org/
  specs:
    byebug (8.2.4)
    minitest (5.8.4)

PLATFORMS
  ruby

DEPENDENCIES
  byebug
  minitest

BUNDLED WITH
   1.10.6
